PATH
  remote: .
  specs:
    site_analyzer (0.3.2)
      addressable (~> 2.3)
      nokogiri (~> 1.6)
      robotstxt (~> 0.5)
      terminal-table (~> 1.5)

GEM
  remote: https://rubygems.org/
  specs:
    addressable (2.3.8)
    diff-lcs (1.2.5)
    mini_portile (0.6.2)
    nokogiri (1.6.6.2)
      mini_portile (~> 0.6.0)
    rake (10.4.2)
    robotstxt (0.5.4)
    rspec (3.3.0)
      rspec-core (~> 3.3.0)
      rspec-expectations (~> 3.3.0)
      rspec-mocks (~> 3.3.0)
    rspec-core (3.3.2)
      rspec-support (~> 3.3.0)
    rspec-expectations (3.3.1)
      diff-lcs (>= 1.2.0, < 2.0)
      rspec-support (~> 3.3.0)
    rspec-mocks (3.3.2)
      diff-lcs (>= 1.2.0, < 2.0)
      rspec-support (~> 3.3.0)
    rspec-support (3.3.0)
    terminal-table (1.5.2)

PLATFORMS
  ruby

DEPENDENCIES
  bundler (~> 1.10)
  rake (~> 10.4)
  rspec (~> 3.3)
  site_analyzer!

BUNDLED WITH
   1.10.5
