PATH
  remote: .
  specs:
    site_analyzer (0.1.0)

GEM
  remote: https://rubygems.org/
  specs:
    addressable (2.3.8)
    diff-lcs (1.2.5)
    log4r (1.1.10)
    mini_portile (0.6.2)
    nokogiri (1.6.6.2)
      mini_portile (~> 0.6.0)
    rake (10.4.2)
    robotstxt (0.5.4)
    rspec (3.3.0)
      rspec-core (~> 3.3.0)
      rspec-expectations (~> 3.3.0)
      rspec-mocks (~> 3.3.0)
    rspec-core (3.3.2)
      rspec-support (~> 3.3.0)
    rspec-expectations (3.3.1)
      diff-lcs (>= 1.2.0, < 2.0)
      rspec-support (~> 3.3.0)
    rspec-mocks (3.3.2)
      diff-lcs (>= 1.2.0, < 2.0)
      rspec-support (~> 3.3.0)
    rspec-support (3.3.0)
    terminal-table (1.5.2)

PLATFORMS
  ruby

DEPENDENCIES
  addressable (~> 2)
  bundler (~> 1)
  log4r (~> 1)
  nokogiri (~> 1)
  rake (~> 10)
  robotstxt (~> 0)
  rspec (~> 3)
  site_analyzer!
  terminal-table (~> 1)

BUNDLED WITH
   1.10.5
